GEM
  remote: https://rubygems.org/
  specs:
    mini_portile (0.6.0)
    nokogiri (1.6.2.1)
      mini_portile (= 0.6.0)
    thor (0.19.1)

PLATFORMS
  ruby

DEPENDENCIES
  nokogiri
  thor
